GEM
  remote: http://gems.github.com/
  remote: http://rubygems.org/
  specs:
    RedCloth (4.2.7)
    RedCloth (4.2.7-java)
    bouncy-castle-java (1.5.0146.1)
    builder (3.0.0)
    classifier (1.3.3)
      fast-stemmer (>= 1.0.0)
    directory_watcher (1.4.0)
    excon (0.9.5)
    fast-stemmer (1.0.0)
    fog (1.1.2)
      builder
      excon (~> 0.9.0)
      formatador (~> 0.2.0)
      mime-types
      multi_json (~> 1.0.3)
      net-scp (~> 1.0.4)
      net-ssh (>= 2.1.3)
      nokogiri (~> 1.5.0)
      ruby-hmac
    formatador (0.2.1)
    jruby-openssl (0.7.4)
      bouncy-castle-java
    liquid (2.2.2)
    maruku (0.6.0)
      syntax (>= 1.0.0)
    mime-types (1.17.2)
    mojombo-jekyll (0.5.4)
      RedCloth (>= 4.2.1)
      classifier (>= 1.3.1)
      directory_watcher (>= 1.1.1)
      liquid (>= 1.9.0)
      maruku (>= 0.5.9)
      open4 (>= 0.9.6)
    multi_json (1.0.4)
    net-scp (1.0.4)
      net-ssh (>= 1.99.1)
    net-ssh (2.3.0)
    nokogiri (1.5.0)
    nokogiri (1.5.0-java)
    open4 (1.1.0)
    rack (1.3.2)
    rake (0.9.2.2)
    request-log-analyzer (1.11.0)
    ruby-hmac (0.4.0)
    syntax (1.0.0)

PLATFORMS
  java
  ruby

DEPENDENCIES
  fog
  jruby-openssl
  mojombo-jekyll
  rack
  rake
  request-log-analyzer
