GEM
  remote: http://gems.github.com/
  remote: http://rubygems.org/
  specs:
    RedCloth (4.2.3)
    RedCloth (4.2.3-java)
    aws-s3 (0.6.2)
      builder
      mime-types
      xml-simple
    bouncy-castle-java (1.5.0145.2)
    builder (2.1.2)
    classifier (1.3.3)
      fast-stemmer (>= 1.0.0)
    directory_watcher (1.3.2)
    fast-stemmer (1.0.0)
    jruby-openssl (0.7.1)
      bouncy-castle-java
    liquid (2.2.2)
    maruku (0.6.0)
      syntax (>= 1.0.0)
    mime-types (1.16)
    mojombo-jekyll (0.5.4)
      RedCloth (>= 4.2.1)
      classifier (>= 1.3.1)
      directory_watcher (>= 1.1.1)
      liquid (>= 1.9.0)
      maruku (>= 0.5.9)
      open4 (>= 0.9.6)
    open4 (1.0.1)
    rack (1.0.0)
    request-log-analyzer (1.9.3)
    syntax (1.0.0)
    xml-simple (1.0.12)

PLATFORMS
  java
  ruby

DEPENDENCIES
  aws-s3
  jruby-openssl
  mojombo-jekyll
  rack (= 1.0.0)
  request-log-analyzer
