GEM
  remote: http://gems.github.com/
  remote: http://rubygems.org/
  specs:
    RedCloth (4.2.9)
    actionpack (3.2.13)
      activemodel (= 3.2.13)
      activesupport (= 3.2.13)
      builder (~> 3.0.0)
      erubis (~> 2.7.0)
      journey (~> 1.0.4)
      rack (~> 1.4.5)
      rack-cache (~> 1.2)
      rack-test (~> 0.6.1)
      sprockets (~> 2.2.1)
    activemodel (3.2.13)
      activesupport (= 3.2.13)
      builder (~> 3.0.0)
    activesupport (3.2.13)
      i18n (= 0.6.1)
      multi_json (~> 1.0)
    builder (3.0.4)
    classifier (1.3.3)
      fast-stemmer (>= 1.0.0)
    directory_watcher (1.4.1)
    erubis (2.7.0)
    excon (0.20.1)
    faraday (0.8.6)
      multipart-post (~> 1.1)
    fast-stemmer (1.0.2)
    fog (1.10.0)
      builder
      excon (~> 0.14)
      formatador (~> 0.2.0)
      mime-types
      multi_json (~> 1.0)
      net-scp (~> 1.1)
      net-ssh (>= 2.1.3)
      nokogiri (~> 1.5.0)
      ruby-hmac
    formatador (0.2.4)
    github_api (0.8.1)
      faraday (~> 0.8.1)
      hashie (~> 1.2.0)
      multi_json (~> 1.3)
      nokogiri (~> 1.5.2)
      oauth2
    hashie (1.2.0)
    hike (1.2.1)
    httpauth (0.2.0)
    i18n (0.6.1)
    jira-ruby (0.1.2)
      activesupport
      oauth
      railties
    journey (1.0.4)
    json (1.7.7)
    jwt (0.1.8)
      multi_json (>= 1.5)
    liquid (2.5.0)
    maruku (0.6.1)
      syntax (>= 1.0.0)
    mime-types (1.21)
    mojombo-jekyll (0.5.4)
      RedCloth (>= 4.2.1)
      classifier (>= 1.3.1)
      directory_watcher (>= 1.1.1)
      liquid (>= 1.9.0)
      maruku (>= 0.5.9)
      open4 (>= 0.9.6)
    multi_json (1.7.2)
    multi_xml (0.5.3)
    multipart-post (1.2.0)
    net-scp (1.1.0)
      net-ssh (>= 2.6.5)
    net-ssh (2.6.6)
    nokogiri (1.5.9)
    oauth (0.4.7)
    oauth2 (0.9.1)
      faraday (~> 0.8)
      httpauth (~> 0.1)
      jwt (~> 0.1.4)
      multi_json (~> 1.0)
      multi_xml (~> 0.5)
      rack (~> 1.2)
    open4 (1.3.0)
    rack (1.4.5)
    rack-cache (1.2)
      rack (>= 0.4)
    rack-ssl (1.3.3)
      rack
    rack-test (0.6.2)
      rack (>= 1.0)
    railties (3.2.13)
      actionpack (= 3.2.13)
      activesupport (= 3.2.13)
      rack-ssl (~> 1.3.2)
      rake (>= 0.8.7)
      rdoc (~> 3.4)
      thor (>= 0.14.6, < 2.0)
    rake (10.0.3)
    rdoc (3.12.2)
      json (~> 1.4)
    request-log-analyzer (1.12.8)
    ruby-hmac (0.4.0)
    sprockets (2.2.2)
      hike (~> 1.2)
      multi_json (~> 1.0)
      rack (~> 1.0)
      tilt (~> 1.1, != 1.3.0)
    syntax (1.0.0)
    thor (0.17.0)
    tilt (1.3.6)

PLATFORMS
  ruby

DEPENDENCIES
  directory_watcher (~> 1.4.1)
  fog
  github_api (= 0.8.1)
  jira-ruby
  jruby-openssl
  mojombo-jekyll
  rack
  rake
  request-log-analyzer
